PATH
  remote: .
  specs:
    ws-sftp (0.3.6)
      net-sftp (>= 2, < 4)

GEM
  remote: https://nexus.iad.w10external.com/repository/gems/
  specs:
    ws-gem_publisher (3.5.5)
      bundler
      bundler-audit
      byebug
      git
      keepachangelog
      nexus
      pry
      pry-byebug
      rake
      recursive-open-struct
      rspec
      rspec-collection_matchers
      rspec-its
      rspec_junit_formatter
      simplecov (>= 0.20.0)
      simplecov_json_formatter
      string-undump
      timecop
      ws-style

GEM
  remote: https://rubygems.org/
  specs:
    activesupport (6.1.4.1)
      concurrent-ruby (~> 1.0, >= 1.0.2)
      i18n (>= 1.6, < 2)
      minitest (>= 5.1)
      tzinfo (~> 2.0)
      zeitwerk (~> 2.3)
    ast (2.4.2)
    bundler-audit (0.7.0.1)
      bundler (>= 1.2.0, < 3)
      thor (>= 0.18, < 2)
    byebug (11.1.3)
    coderay (1.1.3)
    concurrent-ruby (1.1.9)
    diff-lcs (1.4.4)
    docile (1.4.0)
    git (1.9.1)
      rchardet (~> 1.8)
    i18n (1.8.10)
      concurrent-ruby (~> 1.0)
    json (2.6.0)
    keepachangelog (0.6.1)
      json (~> 2.1)
      thor (~> 0.20)
    method_source (1.0.0)
    minitest (5.14.4)
    net-sftp (3.0.0)
      net-ssh (>= 5.0.0, < 7.0.0)
    net-ssh (6.1.0)
    nexus (1.4.0)
    parallel (1.21.0)
    parser (3.0.2.0)
      ast (~> 2.4.1)
    pry (0.14.1)
      coderay (~> 1.1)
      method_source (~> 1.0)
    pry-byebug (3.8.0)
      byebug (~> 11.0)
      pry (~> 0.10)
    rack (2.2.3)
    rainbow (3.0.0)
    rake (13.0.6)
    rchardet (1.8.0)
    recursive-open-struct (1.1.3)
    regexp_parser (2.1.1)
    rexml (3.2.5)
    rspec (3.10.0)
      rspec-core (~> 3.10.0)
      rspec-expectations (~> 3.10.0)
      rspec-mocks (~> 3.10.0)
    rspec-collection_matchers (1.2.0)
      rspec-expectations (>= 2.99.0.beta1)
    rspec-core (3.10.1)
      rspec-support (~> 3.10.0)
    rspec-expectations (3.10.1)
      diff-lcs (>= 1.2.0, < 2.0)
      rspec-support (~> 3.10.0)
    rspec-its (1.3.0)
      rspec-core (>= 3.0.0)
      rspec-expectations (>= 3.0.0)
    rspec-mocks (3.10.2)
      diff-lcs (>= 1.2.0, < 2.0)
      rspec-support (~> 3.10.0)
    rspec-support (3.10.2)
    rspec_junit_formatter (0.4.1)
      rspec-core (>= 2, < 4, != 2.12.0)
    rubocop (1.22.1)
      parallel (~> 1.10)
      parser (>= 3.0.0.0)
      rainbow (>= 2.2.2, < 4.0)
      regexp_parser (>= 1.8, < 3.0)
      rexml
      rubocop-ast (>= 1.12.0, < 2.0)
      ruby-progressbar (~> 1.7)
      unicode-display_width (>= 1.4.0, < 3.0)
    rubocop-ast (1.12.0)
      parser (>= 3.0.1.1)
    rubocop-performance (1.11.5)
      rubocop (>= 1.7.0, < 2.0)
      rubocop-ast (>= 0.4.0)
    rubocop-rails (2.12.4)
      activesupport (>= 4.2.0)
      rack (>= 1.1)
      rubocop (>= 1.7.0, < 2.0)
    rubocop-rspec (2.5.0)
      rubocop (~> 1.19)
    rubocop-vendor (0.6.1)
      rubocop (>= 0.53.0)
    ruby-progressbar (1.11.0)
    simplecov (0.21.2)
      docile (~> 1.1)
      simplecov-html (~> 0.11)
      simplecov_json_formatter (~> 0.1)
    simplecov-html (0.12.3)
    simplecov_json_formatter (0.1.3)
    string-undump (0.0.2.1)
    thor (0.20.3)
    timecop (0.9.4)
    tzinfo (2.0.4)
      concurrent-ruby (~> 1.0)
    unicode-display_width (2.1.0)
    ws-style (6.10.0)
      rubocop (>= 1.12.1)
      rubocop-performance (>= 1.10.2)
      rubocop-rails (>= 2.9.1)
      rubocop-rspec (>= 2.2.0)
      rubocop-vendor (>= 0.6.0)
    zeitwerk (2.4.2)

PLATFORMS
  ruby

DEPENDENCIES
  ws-gem_publisher!
  ws-sftp!

BUNDLED WITH
   2.2.21
